PATH
  remote: .
  specs:
    advance (0.3.6)
      team_effort

GEM
  remote: https://rubygems.org/
  specs:
    minitest (5.10.1)
    rake (10.4.2)
    team_effort (1.0.1)

PLATFORMS
  ruby

DEPENDENCIES
  advance!
  bundler (~> 1.16)
  minitest (~> 5.0)
  rake (~> 10.0)

BUNDLED WITH
   1.17.1
