PATH
  remote: .
  specs:
    advance (0.4.10)
      team_effort

GEM
  remote: https://rubygems.org/
  specs:
    minitest (5.10.1)
    rake (13.0.1)
    team_effort (1.1.1)

PLATFORMS
  ruby

DEPENDENCIES
  advance!
  bundler (~> 1.16)
  minitest (~> 5.0)
  rake (~> 13.0)

BUNDLED WITH
   2.1.4
